GIT
  remote: git://github.com/gma/nesta.git
  revision: 42cd22e04af2a52692c0ee81aa48885292c344b3
  specs:
    nesta (0.10.0)
      RedCloth (~> 4.2)
      haml (>= 3.1)
      rack (>= 1.3)
      rdiscount (~> 2.1)
      sass (>= 3.1)
      sinatra (~> 1.4)

PATH
  remote: .
  specs:
    nesta-rails (0.1.0)
      nesta (>= 0.10.0)
      rails (>= 4.0)

GEM
  remote: http://rubygems.org/
  specs:
    RedCloth (4.2.9)
    actionmailer (4.1.4)
      actionpack (= 4.1.4)
      actionview (= 4.1.4)
      mail (~> 2.5.4)
    actionpack (4.1.4)
      actionview (= 4.1.4)
      activesupport (= 4.1.4)
      rack (~> 1.5.2)
      rack-test (~> 0.6.2)
    actionview (4.1.4)
      activesupport (= 4.1.4)
      builder (~> 3.1)
      erubis (~> 2.7.0)
    activemodel (4.1.4)
      activesupport (= 4.1.4)
      builder (~> 3.1)
    activerecord (4.1.4)
      activemodel (= 4.1.4)
      activesupport (= 4.1.4)
      arel (~> 5.0.0)
    activesupport (4.1.4)
      i18n (~> 0.6, >= 0.6.9)
      json (~> 1.7, >= 1.7.7)
      minitest (~> 5.1)
      thread_safe (~> 0.1)
      tzinfo (~> 1.1)
    ansi (1.4.3)
    arel (5.0.1.20140414130214)
    builder (3.2.2)
    byebug (9.0.6)
    capybara (2.4.1)
      mime-types (>= 1.16)
      nokogiri (>= 1.3.3)
      rack (>= 1.0.0)
      rack-test (>= 0.5.4)
      xpath (~> 2.0)
    concurrent-ruby (1.0.5)
    erubis (2.7.0)
    haml (4.0.5)
      tilt
    i18n (0.6.11)
    jquery-rails (3.1.1)
      railties (>= 3.0, < 5.0)
      thor (>= 0.14, < 2.0)
    json (1.8.1)
    mail (2.5.4)
      mime-types (~> 1.16)
      treetop (~> 1.4.8)
    mime-types (1.25.1)
    mini_portile (0.6.0)
    minitest (5.4.0)
    nokogiri (1.6.2.1)
      mini_portile (= 0.6.0)
    polyglot (0.3.5)
    psych (2.0.5)
    rack (1.5.2)
    rack-protection (1.5.3)
      rack
    rack-test (0.6.2)
      rack (>= 1.0)
    rails (4.1.4)
      actionmailer (= 4.1.4)
      actionpack (= 4.1.4)
      actionview (= 4.1.4)
      activemodel (= 4.1.4)
      activerecord (= 4.1.4)
      activesupport (= 4.1.4)
      bundler (>= 1.3.0, < 2.0)
      railties (= 4.1.4)
      sprockets-rails (~> 2.0)
    railties (4.1.4)
      actionpack (= 4.1.4)
      activesupport (= 4.1.4)
      rake (>= 0.8.7)
      thor (>= 0.18.1, < 2.0)
    rake (13.0.1)
    rdiscount (2.1.7.1)
    sass (3.3.9)
    sinatra (1.4.5)
      rack (~> 1.4)
      rack-protection (~> 1.4)
      tilt (~> 1.3, >= 1.3.4)
    sprockets (3.7.1)
      concurrent-ruby (~> 1.0)
      rack (> 1, < 3)
    sprockets-rails (2.3.3)
      actionpack (>= 3.0)
      activesupport (>= 3.0)
      sprockets (>= 2.8, < 4.0)
    sqlite3 (1.3.9)
    thor (0.19.1)
    thread_safe (0.3.4)
    tilt (1.4.1)
    treetop (1.4.15)
      polyglot
      polyglot (>= 0.3.1)
    turn (0.9.6)
      ansi
    tzinfo (1.2.1)
      thread_safe (~> 0.1)
    xpath (2.0.0)
      nokogiri (~> 1.3)

PLATFORMS
  ruby

DEPENDENCIES
  byebug
  capybara
  jquery-rails
  nesta!
  nesta-rails!
  psych
  sqlite3
  turn
